GEM
  remote: https://rubygems.org/
  specs:
    rack (2.0.7)
    rack-app (7.5.2)
      rack

PLATFORMS
  ruby

DEPENDENCIES
  rack-app

RUBY VERSION
   ruby 2.6.0p0

BUNDLED WITH
   1.17.2
